GEM
  remote: http://rubygems.org/
  specs:
    appraisal (0.3.2)
      aruba (~> 0.3.6)
      bundler
      rake
    aruba (0.3.6)
      childprocess (>= 0.1.7)
      cucumber (>= 0.10.0)
      rspec (>= 2.5.0)
    aws-s3 (0.6.2)
      builder
      mime-types
      xml-simple
    builder (3.0.0)
    childprocess (0.1.9)
      ffi (~> 1.0.6)
    cloudfiles (1.4.16)
      mime-types (>= 1.16)
    columnize (0.3.2)
    cucumber (0.10.3)
      builder (>= 2.1.2)
      diff-lcs (>= 1.1.2)
      gherkin (>= 2.3.8)
      json (>= 1.4.6)
      term-ansicolor (>= 1.0.5)
    diff-lcs (1.1.2)
    ffi (1.0.9)
    gherkin (2.3.9)
      json (>= 1.4.6)
    json (1.5.1)
    linecache (0.43)
    mime-types (1.16)
    mocha (0.9.12)
    rake (0.9.0)
    rspec (2.6.0)
      rspec-core (~> 2.6.0)
      rspec-expectations (~> 2.6.0)
      rspec-mocks (~> 2.6.0)
    rspec-core (2.6.3)
    rspec-expectations (2.6.0)
      diff-lcs (~> 1.1.2)
    rspec-mocks (2.6.0)
    ruby-debug (0.10.4)
      columnize (>= 0.1)
      ruby-debug-base (~> 0.10.4.0)
    ruby-debug-base (0.10.4)
      linecache (>= 0.3)
    shoulda (2.11.3)
    sqlite3 (1.3.3)
    sqlite3-ruby (1.3.3)
      sqlite3 (>= 1.3.3)
    term-ansicolor (1.0.5)
    xml-simple (1.0.15)

PLATFORMS
  ruby

DEPENDENCIES
  appraisal
  aws-s3
  cloudfiles (>= 1.4.15)
  mocha
  rake
  ruby-debug
  shoulda
  sqlite3-ruby (~> 1.3.0)
