GEM
  remote: http://rubygems.org/
  specs:
    appraisal (0.1)
      bundler
      rake
    aws-s3 (0.6.2)
      builder
      mime-types
      xml-simple
    builder (3.0.0)
    cloudfiles (1.4.15)
      mime-types (>= 1.16)
    columnize (0.3.2)
    linecache (0.43)
    mime-types (1.16)
    mocha (0.9.12)
    rake (0.8.7)
    ruby-debug (0.10.4)
      columnize (>= 0.1)
      ruby-debug-base (~> 0.10.4.0)
    ruby-debug-base (0.10.4)
      linecache (>= 0.3)
    shoulda (2.11.3)
    sqlite3 (1.3.3)
    sqlite3-ruby (1.3.3)
      sqlite3 (>= 1.3.3)
    xml-simple (1.0.14)

PLATFORMS
  ruby

DEPENDENCIES
  appraisal
  aws-s3
  cloudfiles (>= 1.4.15)
  mocha
  rake
  ruby-debug
  shoulda
  sqlite3-ruby (~> 1.3.0)
